PATH
  remote: .
  specs:
    drink-socially (0.0.6)
      faraday (~> 0.0)
      faraday_middleware-parse_oj (~> 0.0)
      hashie (~> 1.0)

GEM
  remote: http://rubygems.org/
  specs:
    coderay (1.0.8)
    diff-lcs (1.1.3)
    faraday (0.9.2)
      multipart-post (>= 1.2, < 3)
    faraday_middleware (0.9.2)
      faraday (>= 0.7.4, < 0.10)
    faraday_middleware-parse_oj (0.3.0)
      faraday (~> 0.9.0)
      faraday_middleware (~> 0.9.1)
      oj (~> 2.0)
    ffi (1.1.5)
    guard (1.5.2)
      listen (>= 0.4.2)
      lumberjack (>= 1.0.2)
      pry (>= 0.9.10)
      thor (>= 0.14.6)
    guard-rspec (2.1.0)
      guard (>= 1.1)
      rspec (~> 2.11)
    hashie (1.2.0)
    listen (0.5.3)
    lumberjack (1.0.2)
    method_source (0.8.1)
    multipart-post (2.0.0)
    oj (2.12.14)
    pry (0.9.10)
      coderay (~> 1.0.5)
      method_source (~> 0.8)
      slop (~> 3.3.1)
    rake (10.0.2)
    rb-inotify (0.8.8)
      ffi (>= 0.5.0)
    rspec (2.11.0)
      rspec-core (~> 2.11.0)
      rspec-expectations (~> 2.11.0)
      rspec-mocks (~> 2.11.0)
    rspec-core (2.11.1)
    rspec-expectations (2.11.3)
      diff-lcs (~> 1.1.3)
    rspec-mocks (2.11.3)
    slop (3.3.3)
    thor (0.16.0)

PLATFORMS
  ruby

DEPENDENCIES
  drink-socially!
  guard-rspec (~> 2.0)
  rake (~> 10.0)
  rb-inotify (~> 0.0)
  rspec (~> 2.0)
